GEM
  remote: http://rubygems.org/
  specs:
    json_pure (1.7.3)
    mime-types (1.19)
    rest-client (1.6.7)
      mime-types (>= 1.16)

PLATFORMS
  ruby

DEPENDENCIES
  json_pure
  rest-client (~> 1.6.7)
